GEM
  remote: http://rubygems.org/
  specs:
    addressable (2.2.2)
    em-websocket (0.1.4)
      addressable (>= 2.1.1)
      eventmachine (>= 0.12.9)
    eventmachine (0.12.10)
    haml (3.0.22)
    hpricot (0.8.2)
    rack (1.2.1)
    shotgun (0.8)
      rack (>= 1.0)
    sinatra (1.0)
      rack (>= 1.0)

PLATFORMS
  ruby

DEPENDENCIES
  em-websocket
  haml
  hpricot
  shotgun
  sinatra
